PATH
  remote: .
  specs:
    flagsmith (3.3.0)
      faraday (~> 2.7, >= 2.7.11)
      faraday-retry
      semantic

GEM
  remote: https://rubygems.org/
  specs:
    ast (2.4.2)
    base64 (0.2.0)
    coderay (1.1.3)
    diff-lcs (1.5.0)
    faraday (2.7.11)
      base64
      faraday-net_http (>= 2.0, < 3.1)
      ruby2_keywords (>= 0.0.4)
    faraday-net_http (3.0.2)
    faraday-retry (2.2.0)
      faraday (~> 2.0)
    gem-release (2.2.2)
    json (2.6.3)
    language_server-protocol (3.17.0.3)
    method_source (1.0.0)
    parallel (1.23.0)
    parser (3.2.2.4)
      ast (~> 2.4.1)
      racc
    pry (0.14.2)
      coderay (~> 1.1)
      method_source (~> 1.0)
    racc (1.7.3)
    rainbow (3.1.1)
    rake (13.1.0)
    regexp_parser (2.8.2)
    rexml (3.2.6)
    rspec (3.12.0)
      rspec-core (~> 3.12.0)
      rspec-expectations (~> 3.12.0)
      rspec-mocks (~> 3.12.0)
    rspec-core (3.12.2)
      rspec-support (~> 3.12.0)
    rspec-expectations (3.12.3)
      diff-lcs (>= 1.2.0, < 2.0)
      rspec-support (~> 3.12.0)
    rspec-mocks (3.12.6)
      diff-lcs (>= 1.2.0, < 2.0)
      rspec-support (~> 3.12.0)
    rspec-support (3.12.1)
    rubocop (1.57.2)
      json (~> 2.3)
      language_server-protocol (>= 3.17.0)
      parallel (~> 1.10)
      parser (>= 3.2.2.4)
      rainbow (>= 2.2.2, < 4.0)
      regexp_parser (>= 1.8, < 3.0)
      rexml (>= 3.2.5, < 4.0)
      rubocop-ast (>= 1.28.1, < 2.0)
      ruby-progressbar (~> 1.7)
      unicode-display_width (>= 2.4.0, < 3.0)
    rubocop-ast (1.30.0)
      parser (>= 3.2.1.0)
    ruby-progressbar (1.13.0)
    ruby2_keywords (0.0.5)
    semantic (1.6.1)
    unicode-display_width (2.5.0)

PLATFORMS
  ruby

DEPENDENCIES
  bundler
  flagsmith!
  gem-release
  pry
  rake
  rspec
  rubocop

BUNDLED WITH
   2.3.14
